GEM
  remote: http://rubygems.org/
  specs:
    colorize (0.7.3)
    simple_life_game (0.0.1)

PLATFORMS
  ruby

DEPENDENCIES
  colorize (~> 0.7.3)
  simple_life_game
