PATH
  remote: .
  specs:
    time_updater (0.0.2)

GEM
  remote: http://rubygems.org/
  specs:
    colorize (0.7.3)

PLATFORMS
  ruby

DEPENDENCIES
  bundler (~> 1.7)
  colorize (~> 0.7.3)
  time_updater!
